PATH
  remote: .
  specs:
    deque (1.0.0)

GEM
  remote: https://rubygems.org/
  specs:
    minitest (5.8.3)
    rake (10.4.2)
    rake-compiler (1.0.1)
      rake

PLATFORMS
  ruby

DEPENDENCIES
  bundler (~> 1.12)
  deque!
  minitest (~> 5.0)
  rake (~> 10.0)
  rake-compiler

BUNDLED WITH
   1.12.5
